PATH
  remote: .
  specs:
    zip-codes (0.2.1)

GEM
  remote: https://rubygems.org/
  specs:
    ast (2.4.0)
    builder (3.2.4)
    faraday (1.0.1)
      multipart-post (>= 1.2, < 3)
    geminabox (0.13.15)
      builder
      faraday
      httpclient (>= 2.2.7)
      nesty
      reentrant_flock
      sinatra (>= 1.2.7)
    httpclient (2.8.3)
    jaro_winkler (1.5.4)
    multipart-post (2.1.1)
    mustermann (1.1.1)
      ruby2_keywords (~> 0.0.1)
    nesty (1.0.2)
    parallel (1.19.1)
    parser (2.7.1.1)
      ast (~> 2.4.0)
    rack (2.2.2)
    rack-protection (2.0.8.1)
      rack
    rainbow (3.0.0)
    rake (10.1.0)
    reentrant_flock (0.1.1)
    rexml (3.2.4)
    rubocop (0.82.0)
      jaro_winkler (~> 1.5.1)
      parallel (~> 1.10)
      parser (>= 2.7.0.1)
      rainbow (>= 2.2.2, < 4.0)
      rexml
      ruby-progressbar (~> 1.7)
      unicode-display_width (>= 1.4.0, < 2.0)
    ruby-progressbar (1.10.1)
    ruby2_keywords (0.0.2)
    sinatra (2.0.8.1)
      mustermann (~> 1.0)
      rack (~> 2.0)
      rack-protection (= 2.0.8.1)
      tilt (~> 2.0)
    tilt (2.0.10)
    unicode-display_width (1.7.0)

PLATFORMS
  ruby

DEPENDENCIES
  bundler (~> 1.3)
  geminabox (~> 0.13)
  rake
  rubocop
  zip-codes!

BUNDLED WITH
   1.10.5
